GEM
  remote: https://rubygems.org/
  specs:

PLATFORMS
  aarch64-linux-musl
  arm64-darwin-21
  arm64-darwin-23
  ruby
  x64-mingw-ucrt
  x86_64-linux

DEPENDENCIES

BUNDLED WITH
   2.5.18
